GEM
  remote: https://rubygems.org/
  specs:
    handlebars (0.6.0)
      handlebars-source (~> 1.3.0)
      therubyracer (~> 0.12.0)
    handlebars-source (1.3.0)
    libv8 (3.16.14.7)
    redcarpet (3.2.0)
    ref (1.0.5)
    sass (3.2.7)
    therubyracer (0.12.1)
      libv8 (~> 3.16.14.0)
      ref

PLATFORMS
  ruby

DEPENDENCIES
  handlebars
  redcarpet
  sass
